GEM
  remote: http://rubygems.org/
  specs:
    bubble-wrap (1.3.0)
    geomotion (0.12.1)
    motion-xray (1.0.4)
      geomotion (>= 0.10.0)
      sugarcube (>= 0.20.1)
    sugarcube (0.20.21)

PLATFORMS
  ruby

DEPENDENCIES
  bubble-wrap
  motion-xray
